GEM
  remote: https://rubygems.org/
  specs:
    gserver (0.0.1)

PLATFORMS
  arm64-darwin-20

DEPENDENCIES
  gserver

BUNDLED WITH
   2.4.12
